GEM
  remote: https://rubygems.org/
  specs:
    colorize (0.8.1)
    diff-lcs (1.5.0)
    domain_name (0.5.20190701)
      unf (>= 0.0.5, < 1.0.0)
    faraday (0.17.5)
      multipart-post (>= 1.2, < 3)
    faraday-cookie_jar (0.0.7)
      faraday (>= 0.8.0)
      http-cookie (~> 1.0.0)
    green_day (0.4.0)
      colorize
      faraday (< 1.0)
      faraday-cookie_jar
      nokogiri
      parallel
      thor
      webrick
    http-cookie (1.0.4)
      domain_name (~> 0.5)
    mini_portile2 (2.8.8)
    multipart-post (2.1.1)
    nokogiri (1.18.3)
      mini_portile2 (~> 2.8.2)
      racc (~> 1.4)
    parallel (1.21.0)
    racc (1.8.1)
    rspec (3.11.0)
      rspec-core (~> 3.11.0)
      rspec-expectations (~> 3.11.0)
      rspec-mocks (~> 3.11.0)
    rspec-core (3.11.0)
      rspec-support (~> 3.11.0)
    rspec-expectations (3.11.0)
      diff-lcs (>= 1.2.0, < 2.0)
      rspec-support (~> 3.11.0)
    rspec-mocks (3.11.0)
      diff-lcs (>= 1.2.0, < 2.0)
      rspec-support (~> 3.11.0)
    rspec-support (3.11.0)
    thor (1.2.1)
    unf (0.1.4)
      unf_ext
    unf_ext (0.0.8.1)
    webrick (1.8.2)

PLATFORMS
  ruby

DEPENDENCIES
  green_day
  nokogiri (>= 1.13.9)
  rspec

BUNDLED WITH
   2.1.4
